GEM
  remote: https://rubygems.org/
  remote: http://rubygems.org/
  specs:
    rack (1.5.1)

PLATFORMS
  x86-mingw32

DEPENDENCIES
  rack
